GEM
  remote: http://rubygems.org/
  specs:
    SystemTimer (1.2.3)
    addressable (2.2.6)
    bcrypt-ruby (2.1.4)
    configatron (2.8.0)
      yamler (>= 0.1.0)
    data_objects (0.10.2)
      addressable (~> 2.1)
    diff-lcs (1.1.3)
    dm-aggregates (0.10.2)
      dm-core (~> 0.10.2)
    dm-ar-finders (0.10.2)
      dm-core (~> 0.10.2)
    dm-core (0.10.2)
      addressable (~> 2.1)
      extlib (~> 0.9.14)
    dm-timestamps (0.10.2)
      dm-core (~> 0.10.2)
    dm-types (0.10.2)
      bcrypt-ruby (~> 2.1.2)
      dm-core (~> 0.10.2)
      fastercsv (~> 1.5.0)
      json_pure (~> 1.2.0)
      stringex (~> 1.1.0)
      uuidtools (~> 2.1.1)
    dm-validations (0.10.2)
      dm-core (~> 0.10.2)
    do_mysql (0.10.2)
      data_objects (= 0.10.2)
    do_postgres (0.10.2)
      data_objects (= 0.10.2)
    do_sqlite3 (0.10.2)
      data_objects (= 0.10.2)
    extlib (0.9.15)
    fastercsv (1.5.4)
    haml (3.1.2)
    json (1.4.6)
    json_pure (1.2.4)
    rack (1.3.4)
    rack-test (0.6.0)
      rack (>= 1.0)
    redis (2.2.2)
    rspec (2.6.0)
      rspec-core (~> 2.6.0)
      rspec-expectations (~> 2.6.0)
      rspec-mocks (~> 2.6.0)
    rspec-core (2.6.4)
    rspec-expectations (2.6.0)
      diff-lcs (~> 1.1.2)
    rspec-mocks (2.6.0)
    shotgun (0.9)
      rack (>= 1.0)
    sinatra (1.2.6)
      rack (~> 1.1)
      tilt (>= 1.2.2, < 2.0)
    sinatra-redis (0.3.0)
      redis
      sinatra (>= 0.9.4)
    sinatra-respond_to (0.7.0)
      sinatra (~> 1.2)
    stringex (1.1.0)
    tilt (1.3.3)
    uuidtools (2.1.2)
    yamler (0.1.0)

PLATFORMS
  ruby

DEPENDENCIES
  SystemTimer
  configatron (= 2.8.0)
  data_objects (= 0.10.2)
  dm-aggregates (= 0.10.2)
  dm-ar-finders (= 0.10.2)
  dm-core (= 0.10.2)
  dm-timestamps (= 0.10.2)
  dm-types (= 0.10.2)
  dm-validations (= 0.10.2)
  do_mysql (= 0.10.2)
  do_postgres
  do_sqlite3
  haml (= 3.1.2)
  json (= 1.4.6)
  rack-test (= 0.6.0)
  rspec (= 2.6.0)
  shotgun
  sinatra (= 1.2.6)
  sinatra-redis
  sinatra-respond_to (= 0.7.0)
